GEM
  remote: https://rubygems.org/
  specs:
    cinch (2.0.4)
    diff-lcs (1.2.3)
    httparty (0.11.0)
      multi_json (~> 1.0)
      multi_xml (>= 0.5.2)
    multi_json (1.7.2)
    multi_xml (0.5.3)
    nokogiri (1.5.9)
    rspec (2.13.0)
      rspec-core (~> 2.13.0)
      rspec-expectations (~> 2.13.0)
      rspec-mocks (~> 2.13.0)
    rspec-core (2.13.1)
    rspec-expectations (2.13.0)
      diff-lcs (>= 1.1.3, < 2.0)
    rspec-mocks (2.13.1)
    settingslogic (2.0.9)
    snoo (0.1.1)
      httparty
      nokogiri
    sqlite3 (1.3.7)

PLATFORMS
  ruby

DEPENDENCIES
  cinch
  rspec
  settingslogic
  snoo
  sqlite3
